GEM
  specs:
    csv (3.0.0)
    nokogiri (1.5.6)

PLATFORMS
  ruby

DEPENDENCIES
  csv
  nokogiri

BUNDLED WITH
   1.16.4
